GEM
  remote: https://rubygems.org/
  specs:
    rack (2.0.3)
    sinatra (1.0)
      rack (>= 1.0)
    sinatra-advanced-routes (0.5.3)
      sinatra (~> 1.0)

PLATFORMS
  ruby

DEPENDENCIES
  sinatra
  sinatra-advanced-routes

BUNDLED WITH
   1.13.6
