GEM
  remote: https://rubygems.org/
  specs:
    rack (1.6.8)
    rack-protection (1.5.3)
      rack
    sinatra (1.4.8)
      rack (~> 1.5)
      rack-protection (~> 1.4)
      tilt (>= 1.3, < 3)
    sinatra-advanced-routes (0.5.3)
      sinatra (~> 1.0)
    tilt (2.0.8)

PLATFORMS
  ruby

DEPENDENCIES
  sinatra (~> 1.4, >= 1.4.7)
  sinatra-advanced-routes

BUNDLED WITH
   1.16.0
